GEM
  remote: https://rubygems.org/
  specs:
    faraday (0.9.2)
      multipart-post (>= 1.2, < 3)
    json (2.0.2)
    multipart-post (2.0.0)
    rack (2.0.1)

PLATFORMS
  ruby

DEPENDENCIES
  faraday
  json
  rack

RUBY VERSION
   ruby 2.3.1p112

BUNDLED WITH
   1.12.5
